PATH
  remote: .
  specs:
    jim (0.3.1)
      downlow (~> 0.1.4)
      fssm (~> 0.2.0)
      thor (~> 0.14.4)
      version_sorter (~> 1.1.0)
      yajl-ruby

GEM
  remote: http://rubygems.org/
  specs:
    archive-tar-minitar (0.5.2)
    downlow (0.1.4)
      archive-tar-minitar (>= 0.5.2)
      rubyzip (>= 0.9.4)
    fakeweb (1.3.0)
    fssm (0.2.7)
    leftright (0.9.0)
    mocha (0.9.8)
      rake
    rack (1.2.1)
    rack-test (0.5.7)
      rack (>= 1.0)
    rake (0.8.7)
    rubyzip (0.9.4)
    shoulda (2.11.3)
    test-unit (2.1.2)
    thor (0.14.6)
    version_sorter (1.1.0)
    yajl-ruby (1.0.0)

PLATFORMS
  ruby

DEPENDENCIES
  fakeweb (>= 1.2.8)
  jim!
  leftright
  mocha
  rack-test (>= 0.5.4)
  rake
  shoulda
  test-unit
